GIT
  remote: git://github.com/Satish/restful-authentication.git
  revision: a2f669944c86f2bec46bb248360e556a983140d4
  branch: rails3
  specs:
    restful-authentication (2.0.0.beta1)

GIT
  remote: git://github.com/ambethia/passiverecord.git
  revision: cdf0747243e9bbf067ab6fea8cc6cc8f860112b1
  specs:
    passiverecord (0.2)

GIT
  remote: git://github.com/kartofflly/spawn.git
  revision: 9096752c05b6eb8f5d8e0c24ad74bde4fea583ee
  specs:
    spawn (1.0.1)

GIT
  remote: git://github.com/movableink/spatial_adapter.git
  revision: 8d8702fa6600e5711f1d2c87c78cf28e7cd292d0
  specs:
    spatial_adapter (1.3.1)
      GeoRuby (>= 1.3.0)
      activerecord (>= 2.2.2, < 3.3)

GIT
  remote: git://github.com/thl/active_resource_extensions.git
  revision: 27a01a973f3fbf4d43b5e44ccf76d0ba13fd12d3
  tag: v2.0.1
  specs:
    active_resource_extensions (2.0.1)
      rails (~> 3.2.8)

GIT
  remote: git://github.com/thl/acts_as_family_tree.git
  revision: 732196e30647154ed13c325aa24cad874f128002
  tag: v1.0.1
  specs:
    acts_as_family_tree (1.0.1)
      rails (~> 3.2.11)

GIT
  remote: git://github.com/thl/authenticated_system.git
  revision: b5fa56151316d468b2ba82f333da229dc52be732
  tag: v2.0.9
  specs:
    authenticated_system (2.0.9)
      rails (~> 3.2.8)

GIT
  remote: git://github.com/thl/complex_dates.git
  revision: 63b3147f434ed8530f1af476a686829b365afeb5
  tag: v2.0.0
  specs:
    complex_dates (2.0.0)
      rails (~> 3.2.11)

GIT
  remote: git://github.com/thl/complex_scripts.git
  revision: 75f33cea7824f0f69c485065413d38a391c259b0
  tag: v2.0.4
  specs:
    complex_scripts (2.0.4)
      passiverecord (= 0.2)
      rails (~> 3.2.8)

GIT
  remote: git://github.com/thl/dictionary_integration.git
  revision: 82e543c5700f6ec3cab5146ead06d32ac6635a98
  tag: v2.0.1
  specs:
    dictionary_integration (2.0.1)
      rails (~> 3.2.9)

GIT
  remote: git://github.com/thl/interface_utils.git
  revision: 43d3c7dc1001f249ea8291229ebbe80d5b32b20f
  tag: v2.0.0
  specs:
    interface_utils (2.0.0)
      rails (~> 3.2.11)

GIT
  remote: git://github.com/thl/kmaps_integration.git
  revision: 0598a0df17f51f7b2b9410c76345a2c312299a4f
  tag: v2.0.7
  specs:
    kmaps_integration (2.0.7)
      rails (~> 3.2.9)

GIT
  remote: git://github.com/thl/mms_integration.git
  revision: 3210dd03001bc852525226fe2b145ba04e25ba2a
  tag: v2.0.3
  specs:
    mms_integration (2.0.3)
      rails (~> 3.2.8)

GIT
  remote: git://github.com/thl/places_engine.git
  revision: 9a440b3dce6632794ed66269b18c2cdf278633cf
  tag: v2.0.9
  specs:
    places_engine (2.0.9)
      rails (~> 3.2.11)

GIT
  remote: git://github.com/thl/proxy_engine.git
  revision: c22e11eb18af58a0c1632de0cc8ae76e5e0e1abd
  tag: v2.0.0
  specs:
    proxy_engine (2.0.0)
      rails (~> 3.2.9)

GIT
  remote: git://github.com/thl/thl_integration.git
  revision: 917a401dd094a22b46f6f941b2afb0567d411ad8
  tag: v2.0.5
  specs:
    thl_integration (2.0.5)
      rails (~> 3.2.8)

GIT
  remote: git://github.com/thl/universal_navigation.git
  revision: d02e7b9d6f682f21527fa759107227586395245b
  tag: v2.0.3
  specs:
    universal_navigation (2.0.3)
      rails (~> 3.2.8)

GEM
  remote: http://rubygems.org/
  specs:
    GeoRuby (1.3.4)
    actionmailer (3.2.11)
      actionpack (= 3.2.11)
      mail (~> 2.4.4)
    actionpack (3.2.11)
      activemodel (= 3.2.11)
      activesupport (= 3.2.11)
      builder (~> 3.0.0)
      erubis (~> 2.7.0)
      journey (~> 1.0.4)
      rack (~> 1.4.0)
      rack-cache (~> 1.2)
      rack-test (~> 0.6.1)
      sprockets (~> 2.2.1)
    activemodel (3.2.11)
      activesupport (= 3.2.11)
      builder (~> 3.0.0)
    activerecord (3.2.11)
      activemodel (= 3.2.11)
      activesupport (= 3.2.11)
      arel (~> 3.0.2)
      tzinfo (~> 0.3.29)
    activeresource (3.2.11)
      activemodel (= 3.2.11)
      activesupport (= 3.2.11)
    activesupport (3.2.11)
      i18n (~> 0.6)
      multi_json (~> 1.0)
    annotate (2.5.0)
      rake
    arel (3.0.2)
    builder (3.0.4)
    cgi_multipart_eof_fix (2.5.0)
    coffee-rails (3.2.2)
      coffee-script (>= 2.2.0)
      railties (~> 3.2.0)
    coffee-script (2.2.0)
      coffee-script-source
      execjs
    coffee-script-source (1.4.0)
    columnize (0.3.6)
    daemons (1.1.9)
    dynamic_form (1.1.4)
    erubis (2.7.0)
    eventmachine (1.0.0)
    exception_notification (3.0.0)
      actionmailer (>= 3.0.4)
      tinder (~> 1.8)
    execjs (1.4.0)
      multi_json (~> 1.0)
    faraday (0.8.4)
      multipart-post (~> 1.1)
    faraday_middleware (0.9.0)
      faraday (>= 0.7.4, < 0.9)
    fastthread (1.0.7)
    gem_plugin (0.2.3)
    georuby (2.0.0)
    hashie (1.2.0)
    hike (1.2.1)
    hpricot (0.8.6)
    http_parser.rb (0.5.3)
    i18n (0.6.1)
    journey (1.0.4)
    jquery-rails (2.2.0)
      railties (>= 3.0, < 5.0)
      thor (>= 0.14, < 2.0)
    json (1.7.6)
    libv8 (3.3.10.4)
    linecache (0.46)
      rbx-require-relative (> 0.0.4)
    mail (2.4.4)
      i18n (>= 0.4.0)
      mime-types (~> 1.16)
      treetop (~> 1.4.8)
    makandra_resource_controller (0.8.0)
    memcache-client (1.8.5)
    mime-types (1.19)
    mongrel (1.1.5)
      cgi_multipart_eof_fix (>= 2.4)
      daemons (>= 1.0.3)
      fastthread (>= 1.0.1)
      gem_plugin (>= 0.2.3)
    multi_json (1.5.0)
    multipart-post (1.1.5)
    newrelic_rpm (3.5.6.55)
    open_id_authentication (1.1.0)
      rack-openid (~> 1.3)
    pg (0.14.1)
    polyglot (0.3.3)
    rack (1.4.4)
    rack-cache (1.2)
      rack (>= 0.4)
    rack-openid (1.3.1)
      rack (>= 1.1.0)
      ruby-openid (>= 2.1.8)
    rack-ssl (1.3.2)
      rack
    rack-test (0.6.2)
      rack (>= 1.0)
    rails (3.2.11)
      actionmailer (= 3.2.11)
      actionpack (= 3.2.11)
      activerecord (= 3.2.11)
      activeresource (= 3.2.11)
      activesupport (= 3.2.11)
      bundler (~> 1.0)
      railties (= 3.2.11)
    railties (3.2.11)
      actionpack (= 3.2.11)
      activesupport (= 3.2.11)
      rack-ssl (~> 1.3.2)
      rake (>= 0.8.7)
      rdoc (~> 3.4)
      thor (>= 0.14.6, < 2.0)
    rake (10.0.3)
    rbx-require-relative (0.0.9)
    rdoc (3.12)
      json (~> 1.4)
    ruby-debug (0.10.4)
      columnize (>= 0.1)
      ruby-debug-base (~> 0.10.4.0)
    ruby-debug-base (0.10.4)
      linecache (>= 0.3)
    ruby-openid (2.2.2)
    sass (3.2.5)
    sass-rails (3.2.6)
      railties (~> 3.2.0)
      sass (>= 3.1.10)
      tilt (~> 1.3)
    simple_oauth (0.1.9)
    sprockets (2.2.2)
      hike (~> 1.2)
      multi_json (~> 1.0)
      rack (~> 1.0)
      tilt (~> 1.1, != 1.3.0)
    system_timer (1.2.4)
    therubyracer (0.10.2)
      libv8 (~> 3.3.10)
    thor (0.17.0)
    tilt (1.3.3)
    tinder (1.9.2)
      eventmachine (~> 1.0)
      faraday (~> 0.8)
      faraday_middleware (~> 0.9)
      hashie (~> 1.0)
      json (~> 1.7.5)
      mime-types (~> 1.19)
      multi_json (~> 1.5)
      twitter-stream (~> 0.1)
    tinymce-rails (3.5.6)
      railties (>= 3.1.1)
    treetop (1.4.12)
      polyglot
      polyglot (>= 0.3.1)
    twitter-stream (0.1.16)
      eventmachine (>= 0.12.8)
      http_parser.rb (~> 0.5.1)
      simple_oauth (~> 0.1.4)
    tzinfo (0.3.35)
    uglifier (1.3.0)
      execjs (>= 0.3.0)
      multi_json (~> 1.0, >= 1.0.2)
    will_paginate (3.0.4)

PLATFORMS
  ruby

DEPENDENCIES
  active_resource_extensions (= 2.0.1)!
  acts_as_family_tree (= 1.0.1)!
  annotate
  authenticated_system (= 2.0.9)!
  coffee-rails (~> 3.2.1)
  complex_dates (= 2.0.0)!
  complex_scripts (= 2.0.4)!
  dictionary_integration (= 2.0.1)!
  dynamic_form
  exception_notification
  georuby
  hpricot (>= 0.8.6)
  interface_utils (= 2.0.0)!
  jquery-rails
  json
  kmaps_integration (= 2.0.7)!
  makandra_resource_controller
  memcache-client
  mms_integration (= 2.0.3)!
  mongrel
  newrelic_rpm
  open_id_authentication
  passiverecord (= 0.2)!
  pg
  places_engine (= 2.0.9)!
  proxy_engine (= 2.0.0)!
  rack-openid
  rails (= 3.2.11)
  restful-authentication (= 2.0.0.beta1)!
  ruby-debug
  sass-rails (~> 3.2.3)
  spatial_adapter (= 1.3.1)!
  spawn (= 1.0.1)!
  system_timer
  therubyracer (= 0.10.2)
  thl_integration (= 2.0.5)!
  tinymce-rails (= 3.5.6)
  uglifier (>= 1.0.3)
  universal_navigation (= 2.0.3)!
  will_paginate (~> 3.0)
