GIT
  remote: git://github.com/Satish/restful-authentication.git
  revision: a2f669944c86f2bec46bb248360e556a983140d4
  branch: rails3
  specs:
    restful-authentication (2.0.0.beta1)

GIT
  remote: git://github.com/ambethia/passiverecord.git
  revision: cdf0747243e9bbf067ab6fea8cc6cc8f860112b1
  specs:
    passiverecord (0.2)

GIT
  remote: git://github.com/kartofflly/spawn.git
  revision: 9096752c05b6eb8f5d8e0c24ad74bde4fea583ee
  specs:
    spawn (1.0.1)

GIT
  remote: git://github.com/movableink/spatial_adapter.git
  revision: 8d8702fa6600e5711f1d2c87c78cf28e7cd292d0
  specs:
    spatial_adapter (1.3.1)
      GeoRuby (>= 1.3.0)
      activerecord (>= 2.2.2, < 3.3)

GIT
  remote: git://github.com/thl/active_resource_extensions.git
  revision: 3ebbfdc93c56dac101a72bc17376169862f01d3e
  tag: v2.0.0
  specs:
    active_resource_extensions (2.0.0)
      rails (~> 3.2.8)

GIT
  remote: git://github.com/thl/authenticated_system.git
  revision: 917533d60c0a512f5ccb46c23e2980aeb1fd6dcb
  tag: v2.0.6
  specs:
    authenticated_system (2.0.6)
      rails (~> 3.2.8)

GIT
  remote: git://github.com/thl/complex_scripts.git
  revision: ef26152b095945346d245feab0bced4c26e7837e
  tag: v2.0.3
  specs:
    complex_scripts (2.0.3)
      passiverecord (= 0.2)
      rails (~> 3.2.8)

GIT
  remote: git://github.com/thl/dictionary_integration.git
  revision: 53712a2d49ad1fa1f1bc9410ea3f9f580ad3cf36
  tag: v2.0.0
  specs:
    dictionary_integration (2.0.0)
      rails (~> 3.2.9)

GIT
  remote: git://github.com/thl/kmaps_integration.git
  revision: b415f9adba21bb70a8812c31662e10777e6efe38
  tag: v2.0.4
  specs:
    kmaps_integration (2.0.4)
      rails (~> 3.2.9)

GIT
  remote: git://github.com/thl/mms_integration.git
  revision: 414b34cb31b6f3764d08fe816a8cc92aaa39a072
  tag: v2.0.1
  specs:
    mms_integration (2.0.1)
      rails (~> 3.2.8)

GIT
  remote: git://github.com/thl/proxy_engine.git
  revision: c22e11eb18af58a0c1632de0cc8ae76e5e0e1abd
  tag: v2.0.0
  specs:
    proxy_engine (2.0.0)
      rails (~> 3.2.9)

GIT
  remote: git://github.com/thl/thl_integration.git
  revision: 62dbcd96645c45c4a9d03faff6aade4d4c84b120
  tag: v2.0.4
  specs:
    thl_integration (2.0.4)
      rails (~> 3.2.8)

GIT
  remote: git://github.com/thl/universal_navigation.git
  revision: 0da592f1241dc1b79182ae808bb5678aa707ffbc
  tag: v2.0.1
  specs:
    universal_navigation (2.0.1)
      rails (~> 3.2.8)

GEM
  remote: http://rubygems.org/
  specs:
    GeoRuby (1.3.4)
    actionmailer (3.2.11)
      actionpack (= 3.2.11)
      mail (~> 2.4.4)
    actionpack (3.2.11)
      activemodel (= 3.2.11)
      activesupport (= 3.2.11)
      builder (~> 3.0.0)
      erubis (~> 2.7.0)
      journey (~> 1.0.4)
      rack (~> 1.4.0)
      rack-cache (~> 1.2)
      rack-test (~> 0.6.1)
      sprockets (~> 2.2.1)
    activemodel (3.2.11)
      activesupport (= 3.2.11)
      builder (~> 3.0.0)
    activerecord (3.2.11)
      activemodel (= 3.2.11)
      activesupport (= 3.2.11)
      arel (~> 3.0.2)
      tzinfo (~> 0.3.29)
    activeresource (3.2.11)
      activemodel (= 3.2.11)
      activesupport (= 3.2.11)
    activesupport (3.2.11)
      i18n (~> 0.6)
      multi_json (~> 1.0)
    annotate (2.5.0)
      rake
    arel (3.0.2)
    builder (3.0.4)
    cgi_multipart_eof_fix (2.5.0)
    columnize (0.3.6)
    daemons (1.1.8)
    dynamic_form (1.1.4)
    erubis (2.7.0)
    exception_notification (2.6.1)
      actionmailer (>= 3.0.4)
    fastthread (1.0.7)
    gem_plugin (0.2.3)
    georuby (1.9.7)
    hike (1.2.1)
    hpricot (0.8.6)
    i18n (0.6.1)
    journey (1.0.4)
    jquery-rails (0.2.7)
      rails (~> 3.0)
      thor (~> 0.14.4)
    json (1.7.6)
    linecache (0.46)
      rbx-require-relative (> 0.0.4)
    mail (2.4.4)
      i18n (>= 0.4.0)
      mime-types (~> 1.16)
      treetop (~> 1.4.8)
    makandra_resource_controller (0.8.0)
    memcache-client (1.8.5)
    mime-types (1.19)
    mongrel (1.1.5)
      cgi_multipart_eof_fix (>= 2.4)
      daemons (>= 1.0.3)
      fastthread (>= 1.0.1)
      gem_plugin (>= 0.2.3)
    multi_json (1.5.0)
    newrelic_rpm (3.3.5)
    open_id_authentication (1.1.0)
      rack-openid (~> 1.3)
    pg (0.13.2)
    polyglot (0.3.3)
    rack (1.4.4)
    rack-cache (1.2)
      rack (>= 0.4)
    rack-openid (1.3.1)
      rack (>= 1.1.0)
      ruby-openid (>= 2.1.8)
    rack-ssl (1.3.2)
      rack
    rack-test (0.6.2)
      rack (>= 1.0)
    rails (3.2.11)
      actionmailer (= 3.2.11)
      actionpack (= 3.2.11)
      activerecord (= 3.2.11)
      activeresource (= 3.2.11)
      activesupport (= 3.2.11)
      bundler (~> 1.0)
      railties (= 3.2.11)
    railties (3.2.11)
      actionpack (= 3.2.11)
      activesupport (= 3.2.11)
      rack-ssl (~> 1.3.2)
      rake (>= 0.8.7)
      rdoc (~> 3.4)
      thor (>= 0.14.6, < 2.0)
    rake (10.0.3)
    rbx-require-relative (0.0.9)
    rdoc (3.12)
      json (~> 1.4)
    ruby-debug (0.10.4)
      columnize (>= 0.1)
      ruby-debug-base (~> 0.10.4.0)
    ruby-debug-base (0.10.4)
      linecache (>= 0.3)
    ruby-openid (2.1.8)
    sprockets (2.2.2)
      hike (~> 1.2)
      multi_json (~> 1.0)
      rack (~> 1.0)
      tilt (~> 1.1, != 1.3.0)
    thor (0.14.6)
    tilt (1.3.3)
    tinymce-rails (3.5.6)
      railties (>= 3.1.1)
    treetop (1.4.12)
      polyglot
      polyglot (>= 0.3.1)
    tzinfo (0.3.35)
    will_paginate (3.0.3)

PLATFORMS
  ruby

DEPENDENCIES
  active_resource_extensions (= 2.0.0)!
  annotate
  authenticated_system (= 2.0.6)!
  complex_scripts (= 2.0.3)!
  dictionary_integration (= 2.0.0)!
  dynamic_form
  exception_notification
  georuby
  hpricot (>= 0.8.6)
  jquery-rails
  kmaps_integration (= 2.0.4)!
  makandra_resource_controller
  memcache-client
  mms_integration (= 2.0.1)!
  mongrel
  newrelic_rpm
  open_id_authentication
  passiverecord (= 0.2)!
  pg
  proxy_engine (= 2.0.0)!
  rack-openid
  rails (= 3.2.11)
  restful-authentication (= 2.0.0.beta1)!
  ruby-debug
  spatial_adapter (= 1.3.1)!
  spawn (= 1.0.1)!
  thl_integration (= 2.0.4)!
  tinymce-rails (= 3.5.6)
  universal_navigation (= 2.0.1)!
  will_paginate (~> 3.0)
